PATH
  remote: .
  specs:
    pages_core (3.4.0.alpha)
      RedCloth (~> 4.2.9)
      actionpack-page_caching
      active_model_serializers (~> 0.8.0)
      acts_as_list
      bcrypt-ruby
      coffee-rails (~> 4.0.0)
      daemons (= 1.1.0)
      delayed_job (~> 4.0.0)
      delayed_job_active_record (~> 4.0.0)
      dis (~> 0.9.0)
      dynamic_image (~> 2.0.0.beta1)
      jbuilder (~> 2.0)
      jcrop-rails-v2
      jquery-cookie-rails
      jquery-rails
      jquery-ui-rails (~> 4.2.1)
      rails (~> 4.1.0)
      rails-i18n (~> 4.0.0)
      recaptcha (~> 0.3.5)
      sass-rails (~> 4.0.3)
      thinking-sphinx (~> 3.1.1)
      uglifier (>= 1.3.0)
      underscore-rails

GEM
  remote: http://rubygems.org/
  remote: http://gems.manualdesign.no/
  specs:
    RedCloth (4.2.9)
    actionmailer (4.1.6)
      actionpack (= 4.1.6)
      actionview (= 4.1.6)
      mail (~> 2.5, >= 2.5.4)
    actionpack (4.1.6)
      actionview (= 4.1.6)
      activesupport (= 4.1.6)
      rack (~> 1.5.2)
      rack-test (~> 0.6.2)
    actionpack-page_caching (1.0.2)
      actionpack (>= 4.0.0, < 5)
    actionview (4.1.6)
      activesupport (= 4.1.6)
      builder (~> 3.1)
      erubis (~> 2.7.0)
    active_model_serializers (0.8.2)
      activemodel (>= 3.0)
    activejob (0)
      activemodel-globalid
      activesupport (>= 4.1.0)
    activemodel (4.1.6)
      activesupport (= 4.1.6)
      builder (~> 3.1)
    activemodel-globalid (0.1.1)
      activemodel (>= 4.1.0)
      activesupport (>= 4.1.0)
    activerecord (4.1.6)
      activemodel (= 4.1.6)
      activesupport (= 4.1.6)
      arel (~> 5.0.0)
    activesupport (4.1.6)
      i18n (~> 0.6, >= 0.6.9)
      json (~> 1.7, >= 1.7.7)
      minitest (~> 5.1)
      thread_safe (~> 0.1)
      tzinfo (~> 1.1)
    acts_as_list (0.4.0)
      activerecord (>= 3.0)
    arel (5.0.1.20140414130214)
    bcrypt (3.1.7)
    bcrypt-ruby (3.1.5)
      bcrypt (>= 3.1.3)
    binding_of_caller (0.7.2)
      debug_inspector (>= 0.0.1)
    builder (3.2.2)
    celluloid (0.16.0)
      timers (~> 4.0.0)
    coderay (1.1.0)
    coffee-rails (4.0.1)
      coffee-script (>= 2.2.0)
      railties (>= 4.0.0, < 5.0)
    coffee-script (2.3.0)
      coffee-script-source
      execjs
    coffee-script-source (1.8.0)
    daemons (1.1.0)
    debug_inspector (0.0.2)
    delayed_job (4.0.4)
      activesupport (>= 3.0, < 4.2)
    delayed_job_active_record (4.0.2)
      activerecord (>= 3.0, < 4.2)
      delayed_job (>= 3.0, < 4.1)
    diff-lcs (1.2.5)
    dis (0.9.0)
      activejob
      fog (~> 1.22.1)
      rails (~> 4.1.0)
    dynamic_image (2.0.0.beta1)
      dis (~> 0.9.0)
      mini_magick (~> 3.8.1)
      rails (~> 4.1.0)
      vector2d (~> 2.0, >= 2.0.2)
    erubis (2.7.0)
    excon (0.40.0)
    execjs (2.2.1)
    factory_girl (4.3.0)
      activesupport (>= 3.0.0)
    ffi (1.9.5)
    fog (1.22.1)
      fog-brightbox
      fog-core (~> 1.22)
      fog-json
      ipaddress (~> 0.5)
      nokogiri (~> 1.5, >= 1.5.11)
    fog-brightbox (0.5.1)
      fog-core (~> 1.22)
      fog-json
      inflecto
    fog-core (1.24.0)
      builder
      excon (~> 0.38)
      formatador (~> 0.2)
      mime-types
      net-scp (~> 1.1)
      net-ssh (>= 2.1.3)
    fog-json (1.0.0)
      multi_json (~> 1.0)
    formatador (0.2.5)
    guard (2.6.1)
      formatador (>= 0.2.4)
      listen (~> 2.7)
      lumberjack (~> 1.0)
      pry (>= 0.9.12)
      thor (>= 0.18.1)
    guard-rspec (4.3.1)
      guard (~> 2.1)
      rspec (>= 2.14, < 4.0)
    hike (1.2.3)
    hitimes (1.2.2)
    i18n (0.6.11)
    inflecto (0.0.2)
    innertube (1.1.0)
    interception (0.5)
    ipaddress (0.8.0)
    jbuilder (2.2.2)
      activesupport (>= 3.0.0, < 5)
      multi_json (~> 1.2)
    jcrop-rails-v2 (0.9.12.3)
    joiner (0.3.3)
      activerecord (>= 4.1.0)
    jquery-cookie-rails (1.3.1.1)
      railties (>= 3.2.0, < 5.0)
    jquery-rails (3.1.2)
      railties (>= 3.0, < 5.0)
      thor (>= 0.14, < 2.0)
    jquery-ui-rails (4.2.1)
      railties (>= 3.2.16)
    json (1.8.1)
    listen (2.7.11)
      celluloid (>= 0.15.2)
      rb-fsevent (>= 0.9.3)
      rb-inotify (>= 0.9)
    lumberjack (1.0.9)
    mail (2.6.1)
      mime-types (>= 1.16, < 3)
    method_source (0.8.2)
    middleware (0.1.0)
    mime-types (2.4.1)
    mini_magick (3.8.1)
      subexec (~> 0.2.1)
    mini_portile (0.6.0)
    minitest (5.4.2)
    multi_json (1.10.1)
    mysql2 (0.3.16)
    net-scp (1.2.1)
      net-ssh (>= 2.6.5)
    net-ssh (2.9.1)
    nokogiri (1.6.3.1)
      mini_portile (= 0.6.0)
    pry (0.10.1)
      coderay (~> 1.1.0)
      method_source (~> 0.8.1)
      slop (~> 3.4)
    pry-rescue (1.4.1)
      interception (>= 0.5)
      pry
    pry-stack_explorer (0.4.9.1)
      binding_of_caller (>= 0.7)
      pry (>= 0.9.11)
    rack (1.5.2)
    rack-test (0.6.2)
      rack (>= 1.0)
    rails (4.1.6)
      actionmailer (= 4.1.6)
      actionpack (= 4.1.6)
      actionview (= 4.1.6)
      activemodel (= 4.1.6)
      activerecord (= 4.1.6)
      activesupport (= 4.1.6)
      bundler (>= 1.3.0, < 2.0)
      railties (= 4.1.6)
      sprockets-rails (~> 2.0)
    rails-i18n (4.0.3)
      i18n (~> 0.6)
      railties (~> 4.0)
    railties (4.1.6)
      actionpack (= 4.1.6)
      activesupport (= 4.1.6)
      rake (>= 0.8.7)
      thor (>= 0.18.1, < 2.0)
    rake (10.3.2)
    rb-fsevent (0.9.4)
    rb-inotify (0.9.5)
      ffi (>= 0.5.0)
    recaptcha (0.3.6)
    riddle (1.5.11)
    rspec (3.0.0)
      rspec-core (~> 3.0.0)
      rspec-expectations (~> 3.0.0)
      rspec-mocks (~> 3.0.0)
    rspec-core (3.0.4)
      rspec-support (~> 3.0.0)
    rspec-expectations (3.0.4)
      diff-lcs (>= 1.2.0, < 2.0)
      rspec-support (~> 3.0.0)
    rspec-mocks (3.0.4)
      rspec-support (~> 3.0.0)
    rspec-rails (3.0.2)
      actionpack (>= 3.0)
      activesupport (>= 3.0)
      railties (>= 3.0)
      rspec-core (~> 3.0.0)
      rspec-expectations (~> 3.0.0)
      rspec-mocks (~> 3.0.0)
      rspec-support (~> 3.0.0)
    rspec-support (3.0.4)
    sass (3.2.19)
    sass-rails (4.0.3)
      railties (>= 4.0.0, < 5.0)
      sass (~> 3.2.0)
      sprockets (~> 2.8, <= 2.11.0)
      sprockets-rails (~> 2.0)
    shoulda-matchers (2.7.0)
      activesupport (>= 3.0.0)
    slop (3.6.0)
    sprockets (2.11.0)
      hike (~> 1.2)
      multi_json (~> 1.0)
      rack (~> 1.0)
      tilt (~> 1.1, != 1.3.0)
    sprockets-rails (2.2.0)
      actionpack (>= 3.0)
      activesupport (>= 3.0)
      sprockets (>= 2.8, < 4.0)
    subexec (0.2.3)
    thinking-sphinx (3.1.1)
      activerecord (>= 3.1.0)
      builder (>= 2.1.2)
      innertube (>= 1.0.2)
      joiner (>= 0.2.0)
      middleware (>= 0.1.0)
      riddle (>= 1.5.11)
    thor (0.19.1)
    thread_safe (0.3.4)
    tilt (1.4.1)
    timers (4.0.1)
      hitimes
    tzinfo (1.2.2)
      thread_safe (~> 0.1)
    uglifier (2.5.3)
      execjs (>= 0.3.0)
      json (>= 1.8.0)
    underscore-rails (1.7.0)
    vector2d (2.1.0)

PLATFORMS
  ruby

DEPENDENCIES
  factory_girl (~> 4.3.0)
  guard
  guard-rspec
  mysql2
  pages_core!
  pry
  pry-rescue
  pry-stack_explorer
  rspec-rails (~> 3.0.0)
  shoulda-matchers (~> 2.7.0)
